GIT
  remote: git://github.com/spox/actionpool.git
  revision: 51e05ec633b7745aec672b38fc1a1014bd8fb139
  specs:
    actionpool (0.2.3)
      splib (~> 1.4)

GIT
  remote: git://github.com/spox/splib.git
  revision: fd4451243ce4c9a319e74b33e6decdd09a509f43
  specs:
    splib (1.4.3)

PATH
  remote: .
  specs:
    pipeliner (1.1)
      actionpool (~> 0.2.3)
      splib (~> 1.4.3)

GEM
  remote: http://rubygems.org/
  specs:
    rake (0.9.2.2)

PLATFORMS
  ruby

DEPENDENCIES
  actionpool!
  pipeliner!
  rake
  splib!
